PATH
  remote: .
  specs:
    myaso (0.1.1)
      activesupport (>= 3.0.0)
      daemons
      i18n (>= 0.4.1)
      shkuph
      thor (>= 0.14.0)

GEM
  remote: http://rubygems.org/
  specs:
    activesupport (3.0.3)
    bluecloth (2.0.9)
    daemons (1.1.0)
    i18n (0.5.0)
    mg (0.0.8)
      rake
    rake (0.8.7)
    shkuph (0.0.3)
    shoulda (2.11.3)
    thor (0.14.6)
    yard (0.6.3)

PLATFORMS
  ruby

DEPENDENCIES
  activesupport (>= 3.0.0)
  bluecloth
  daemons
  i18n (>= 0.4.1)
  mg
  myaso!
  shkuph
  shoulda
  thor (>= 0.14.0)
  yard
