PATH
  remote: .
  specs:
    myaso (0.2.1)
      activesupport (~> 3.0.0)
      i18n (~> 0.4.1)
      rspec (~> 2.4.0)
      thor (~> 0.14.0)
      tokyocabinet (~> 1.29)

GEM
  remote: http://rubygems.org/
  specs:
    activesupport (3.0.5)
    diff-lcs (1.1.2)
    i18n (0.4.2)
    rspec (2.4.0)
      rspec-core (~> 2.4.0)
      rspec-expectations (~> 2.4.0)
      rspec-mocks (~> 2.4.0)
    rspec-core (2.4.0)
    rspec-expectations (2.4.0)
      diff-lcs (~> 1.1.2)
    rspec-mocks (2.4.0)
    thor (0.14.6)
    tokyocabinet (1.29)

PLATFORMS
  ruby

DEPENDENCIES
  myaso!
